GEM
  specs:
    aws-sdk (2.1.30)
      aws-sdk-resources (= 2.1.30)
    aws-sdk-core (2.1.30)
      jmespath (~> 1.0)
    aws-sdk-resources (2.1.30)
      aws-sdk-core (= 2.1.30)
    jmespath (1.1.3)
    mini_portile (0.6.2)
    nokogiri (1.6.6.2-x86-mingw32)
      mini_portile (~> 0.6.0)

PLATFORMS
  x86-mingw32

DEPENDENCIES
  aws-sdk (= 2.1.30)
  nokogiri (= 1.6.6.2)

BUNDLED WITH
   1.10.6
